GEM
  remote: https://rubygems.org/
  specs:
    async (1.2.2)
      nio4r
      timers (~> 4.1)
    async-container (0.2.2)
      async (~> 1.0)
    async-http (0.6.0)
      async (~> 1.1)
      async-io (~> 1.0)
    async-io (1.2.1)
      async (~> 1.0)
    falcon (0.6.0)
      async-container (~> 0.1)
      async-http (~> 0.3)
      async-io (~> 1.1)
      rack (>= 1.0)
      samovar (~> 1.3)
    hitimes (1.2.6)
    mapping (1.1.1)
    mustermann (1.0.1)
    nio4r (2.2.0)
    rack (2.0.4)
    rack-protection (2.0.0)
      rack
    rainbow (2.2.2)
      rake
    rake (12.3.0)
    samovar (1.8.0)
      mapping (~> 1.0)
      rainbow (~> 2.0)
    sinatra (2.0.0)
      mustermann (~> 1.0)
      rack (~> 2.0)
      rack-protection (= 2.0.0)
      tilt (~> 2.0)
    tilt (2.0.8)
    timers (4.1.2)
      hitimes

PLATFORMS
  ruby

DEPENDENCIES
  falcon
  sinatra

BUNDLED WITH
   1.16.0
